PATH
  remote: .
  specs:
    carrierwave-imagesorcery (0.0.3)
      carrierwave
      image_sorcery

GEM
  remote: https://rubygems.org/
  specs:
    activemodel (3.2.9)
      activesupport (= 3.2.9)
      builder (~> 3.0.0)
    activesupport (3.2.9)
      i18n (~> 0.6)
      multi_json (~> 1.0)
    builder (3.0.4)
    carrierwave (0.7.1)
      activemodel (>= 3.2.0)
      activesupport (>= 3.2.0)
    diff-lcs (1.1.3)
    i18n (0.6.1)
    image_sorcery (1.0.7)
    multi_json (1.5.0)
    rake (10.0.3)
    rspec (2.12.0)
      rspec-core (~> 2.12.0)
      rspec-expectations (~> 2.12.0)
      rspec-mocks (~> 2.12.0)
    rspec-core (2.12.2)
    rspec-expectations (2.12.1)
      diff-lcs (~> 1.1.3)
    rspec-mocks (2.12.1)
    subexec (0.2.2)

PLATFORMS
  ruby

DEPENDENCIES
  carrierwave-imagesorcery!
  rake (~> 10.0.2)
  rspec (~> 2.12.0)
  subexec (~> 0.2.2)
